GEM
  remote: https://rubygems.org/
  specs:
    RedCloth (4.2.9)
    RedCloth (4.2.9-x86-mingw32)
    bcrypt (3.1.9)
    bcrypt (3.1.9-x86-mingw32)
    charlock_holmes (0.7.3)
    daemons (1.1.9)
    escape_utils (1.0.1)
    eventmachine (1.0.4)
    ffi (1.9.6)
    ffi (1.9.6-x86-mingw32)
    github-markdown (0.6.8)
    json (1.8.1)
    mini_portile (0.6.1)
    mysql2 (0.3.17)
    nokogiri (1.6.5)
      mini_portile (~> 0.6.0)
    nokogiri (1.6.5-x86-mingw32)
      mini_portile (~> 0.6.0)
    nokogumbo (1.3.0)
      nokogiri
    pg (0.17.1)
    posix-spawn (0.3.9)
    rack (1.6.0)
    rugged (0.21.4)
    sqlite3 (1.3.9)
    sqlite3 (1.3.9-x86-mingw32)
    thin (1.6.3)
      daemons (~> 1.0, >= 1.0.9)
      eventmachine (~> 1.0)
      rack (~> 1.0)
    unf_ext (0.0.6)
    unf_ext (0.0.6-x86-mingw32)
    yajl-ruby (1.2.1)

PLATFORMS
  ruby
  x86-mingw32

DEPENDENCIES
  RedCloth
  bcrypt
  charlock_holmes
  escape_utils
  ffi
  github-markdown
  json
  mysql2
  nokogiri
  nokogumbo
  pg
  posix-spawn
  rugged
  sqlite3
  thin
  unf_ext
  yajl-ruby
